PATH
  remote: .
  specs:
    sequel_tools (0.1.3)
      sequel

GEM
  remote: https://rubygems.org/
  specs:
    diff-lcs (1.3)
    pg (0.21.0)
    rake (12.3.0)
    rspec (3.7.0)
      rspec-core (~> 3.7.0)
      rspec-expectations (~> 3.7.0)
      rspec-mocks (~> 3.7.0)
    rspec-core (3.7.0)
      rspec-support (~> 3.7.0)
    rspec-expectations (3.7.0)
      diff-lcs (>= 1.2.0, < 2.0)
      rspec-support (~> 3.7.0)
    rspec-mocks (3.7.0)
      diff-lcs (>= 1.2.0, < 2.0)
      rspec-support (~> 3.7.0)
    rspec-support (3.7.0)
    sequel (5.3.0)

PLATFORMS
  ruby

DEPENDENCIES
  bundler
  pg
  rake
  rspec
  sequel_tools!

BUNDLED WITH
   1.16.0
